GEM
  remote: https://rubygems.org/
  specs:
    choice (0.2.0)
    marc (1.0.2)
      scrub_rb (>= 1.0.1, < 2)
      unf
    mini_portile2 (2.3.0)
    nokogiri (1.8.1)
      mini_portile2 (~> 2.3.0)
    openurl (1.0.0)
      marc
      scrub_rb (~> 1.0)
    scrub_rb (1.0.1)
    unf (0.1.4)
      unf_ext
    unf_ext (0.0.7.4)

PLATFORMS
  ruby

DEPENDENCIES
  choice
  nokogiri
  openurl

BUNDLED WITH
   1.16.0
